GIT
  remote: git://github.com/NREL/OpenStudio-analysis-gem.git
  revision: 3231ab4ec75e1a53d432d0d4740ba36e979ef869
  branch: develop
  specs:
    openstudio-analysis (0.4.4)
      bcl (~> 0.5.5)
      faraday (~> 0.8)
      nokogiri (~> 1.6)
      roo (~> 1.12)
      rubyzip (~> 1.0)
      semantic (~> 1.4)

GEM
  remote: http://rubygems.org/
  specs:
    archive-tar-minitar (0.5.2)
    aws-sdk-core (2.2.32)
      jmespath (~> 1.0)
    bcl (0.5.6)
      archive-tar-minitar
      builder
      faraday
      multi_json
      nokogiri
      roo
      rubyXL
      rubyzip
      uuid
      yamler
      zliby
    builder (3.2.2)
    colored (1.2)
    faraday (0.9.2)
      multipart-post (>= 1.2, < 3)
    git (1.3.0)
    jmespath (1.2.4)
      json_pure (>= 1.8.1)
    json_pure (1.8.3)
    macaddr (1.7.1)
      systemu (~> 2.6.2)
    mini_portile2 (2.0.0)
    multi_json (1.11.2)
    multipart-post (2.0.0)
    net-scp (1.2.1)
      net-ssh (>= 2.6.5)
    net-ssh (3.1.1)
    nokogiri (1.6.7.2-x86-mingw32)
      mini_portile2 (~> 2.0.0.rc2)
    openstudio-aws (0.4.1)
      aws-sdk-core (~> 2.0)
      net-scp (~> 1.1)
      semantic (~> 1.4)
      sshkey (~> 1.7)
    rake (10.4.2)
    roo (1.13.2)
      nokogiri
      rubyzip
      spreadsheet (> 0.6.4)
    ruby-ole (1.2.12)
    rubyXL (3.3.17)
      nokogiri (>= 1.4.4)
      rubyzip (>= 1.1.6)
    rubyzip (1.2.0)
    semantic (1.4.1)
    spreadsheet (1.1.2)
      ruby-ole (>= 1.0)
    sshkey (1.8.0)
    systemu (2.6.5)
    uuid (2.3.8)
      macaddr (~> 1.0)
    yamler (0.1.0)
    zliby (0.0.5)

PLATFORMS
  x86-mingw32

DEPENDENCIES
  bcl (~> 0.5.5)
  colored (~> 1.2)
  git
  openstudio-analysis!
  openstudio-aws (~> 0.4)
  rake (~> 10.4.2)

BUNDLED WITH
   1.10.6
