GEM
  remote: https://rubygems.org/
  specs:
    zip (2.0.2)

PLATFORMS
  ruby

DEPENDENCIES
  zip

BUNDLED WITH
   1.16.1
